GIT
  remote: https://github.com/hashicorp/vagrant.git
  revision: d70e3eb828eaf1292dec01d63517d50de5ae67c5
  specs:
    vagrant (2.2.7.dev)
      bcrypt_pbkdf (~> 1.0.0)
      childprocess (~> 0.6.0)
      ed25519 (~> 1.2.4)
      erubis (~> 2.7.0)
      hashicorp-checkpoint (~> 0.1.5)
      i18n (~> 1.1.1)
      listen (~> 3.1.5)
      log4r (~> 1.1.9, < 1.1.11)
      net-scp (~> 1.2.0)
      net-sftp (~> 2.1)
      net-ssh (~> 5.1.0)
      rb-kqueue (~> 0.2.0)
      rest-client (>= 1.6.0, < 3.0)
      ruby_dep (<= 1.3.1)
      rubyzip (~> 1.2.2)
      vagrant_cloud (~> 2.0.3)
      wdm (~> 0.1.0)
      winrm (~> 2.1)
      winrm-elevated (~> 1.1)
      winrm-fs (~> 1.0)

PATH
  remote: .
  specs:
    CommunicatorDocker (0.0.1)

GEM
  remote: https://rubygems.org/
  specs:
    bcrypt_pbkdf (1.0.1)
    builder (3.2.3)
    childprocess (0.6.3)
      ffi (~> 1.0, >= 1.0.11)
    concurrent-ruby (1.1.5)
    docker-api (1.34.2)
      excon (>= 0.47.0)
      multi_json
    domain_name (0.5.20190701)
      unf (>= 0.0.5, < 1.0.0)
    ed25519 (1.2.4)
    erubis (2.7.0)
    excon (0.68.0)
    ffi (1.11.1)
    gssapi (1.3.0)
      ffi (>= 1.0.1)
    gyoku (1.3.1)
      builder (>= 2.1.2)
    hashicorp-checkpoint (0.1.5)
    http-cookie (1.0.3)
      domain_name (~> 0.5)
    httpclient (2.8.3)
    i18n (1.1.1)
      concurrent-ruby (~> 1.0)
    listen (3.1.5)
      rb-fsevent (~> 0.9, >= 0.9.4)
      rb-inotify (~> 0.9, >= 0.9.7)
      ruby_dep (~> 1.2)
    little-plugger (1.1.4)
    log4r (1.1.10)
    logging (2.2.2)
      little-plugger (~> 1.1)
      multi_json (~> 1.10)
    mime-types (3.3)
      mime-types-data (~> 3.2015)
    mime-types-data (3.2019.1009)
    multi_json (1.14.1)
    net-scp (1.2.1)
      net-ssh (>= 2.6.5)
    net-sftp (2.1.2)
      net-ssh (>= 2.6.5)
    net-ssh (5.1.0)
    netrc (0.11.0)
    nori (2.6.0)
    rb-fsevent (0.10.3)
    rb-inotify (0.10.0)
      ffi (~> 1.0)
    rb-kqueue (0.2.5)
      ffi (>= 0.5.0)
    rest-client (2.0.2)
      http-cookie (>= 1.0.2, < 2.0)
      mime-types (>= 1.16, < 4.0)
      netrc (~> 0.8)
    ruby_dep (1.3.1)
    rubyntlm (0.6.2)
    rubyzip (1.2.4)
    unf (0.1.4)
      unf_ext
    unf_ext (0.0.7.6)
    vagrant_cloud (2.0.3)
      rest-client (~> 2.0.2)
    wdm (0.1.1)
    winrm (2.3.2)
      builder (>= 2.1.2)
      erubis (~> 2.7)
      gssapi (~> 1.2)
      gyoku (~> 1.0)
      httpclient (~> 2.2, >= 2.2.0.2)
      logging (>= 1.6.1, < 3.0)
      nori (~> 2.0)
      rubyntlm (~> 0.6.0, >= 0.6.1)
    winrm-elevated (1.1.1)
      winrm (~> 2.0)
      winrm-fs (~> 1.0)
    winrm-fs (1.3.2)
      erubis (~> 2.7)
      logging (>= 1.6.1, < 3.0)
      rubyzip (~> 1.1)
      winrm (~> 2.0)

PLATFORMS
  ruby

DEPENDENCIES
  CommunicatorDocker!
  docker-api
  vagrant!

BUNDLED WITH
   1.16.1
